GEM
  remote: http://rubygems.org/
  remote: http://gems.github.com/
  specs:
    erubis (2.7.0)
    jnunemaker-crack (0.1.4)
    rack (1.5.2)
    rack-protection (1.5.3)
      rack
    redis (3.1.0)
    shotgun (0.9)
      rack (>= 1.0)
    sinatra (1.4.5)
      rack (~> 1.4)
      rack-protection (~> 1.4)
      tilt (~> 1.3, >= 1.3.4)
    tilt (1.4.1)

PLATFORMS
  ruby

DEPENDENCIES
  erubis
  jnunemaker-crack
  redis
  shotgun
  sinatra
